GEM
  remote: https://rubygems.org/
  specs:
    redis (4.5.1)

PLATFORMS
  x86_64-darwin-21

DEPENDENCIES
  redis

BUNDLED WITH
   2.3.5
